GIT
  remote: https://github.com/petertseng/rebellion_g54.git
  revision: 24ce6d44362900474a15b145dc197bb676304e58
  specs:
    rebellion_g54 (1.0.2)

GEM
  remote: https://rubygems.org/
  specs:
    daemons (1.2.3)
    eventmachine (1.0.7)
    haml (4.0.6)
      tilt
    rack (1.6.4)
    rack-protection (1.5.3)
      rack
    sinatra (1.4.6)
      rack (~> 1.4)
      rack-protection (~> 1.4)
      tilt (>= 1.3, < 3)
    thin (1.6.3)
      daemons (~> 1.0, >= 1.0.9)
      eventmachine (~> 1.0)
      rack (~> 1.0)
    tilt (2.0.1)

PLATFORMS
  ruby

DEPENDENCIES
  haml
  rebellion_g54!
  sinatra
  thin

BUNDLED WITH
   1.10.5
