GIT
  remote: https://github.com/petertseng/rebellion_g54.git
  revision: b2f41e0ace893086679357c9ee8bc5f64ed266af
  specs:
    rebellion_g54 (2.0.0)

GEM
  remote: https://rubygems.org/
  specs:
    daemons (1.2.3)
    eventmachine (1.0.8)
    haml (4.0.7)
      tilt
    rack (1.6.4)
    rack-protection (1.5.3)
      rack
    rack_csrf (2.5.0)
      rack (>= 1.1.0)
    sinatra (1.4.6)
      rack (~> 1.4)
      rack-protection (~> 1.4)
      tilt (>= 1.3, < 3)
    thin (1.6.4)
      daemons (~> 1.0, >= 1.0.9)
      eventmachine (~> 1.0, >= 1.0.4)
      rack (~> 1.0)
    tilt (2.0.1)

PLATFORMS
  ruby

DEPENDENCIES
  haml
  rack_csrf
  rebellion_g54!
  sinatra
  thin

BUNDLED WITH
   1.10.5
